GEM
  remote: https://rubygems.org/
  specs:
    foreman (0.78.0)
      thor (~> 0.19.1)
    kgio (2.9.2)
    mysql2 (0.5.3)
    newrelic_rpm (3.7.3.199)
    rack (1.6.13)
    rack-protection (1.5.3)
      rack
    raindrops (0.13.0)
    sequel (4.10.0)
    sinatra (1.4.5)
      rack (~> 1.4)
      rack-protection (~> 1.4)
      tilt (~> 1.3, >= 1.3.4)
    thor (0.19.1)
    tilt (1.4.1)
    unicorn (4.8.2)
      kgio (~> 2.6)
      rack
      raindrops (~> 0.7)

PLATFORMS
  ruby

DEPENDENCIES
  foreman
  mysql2
  newrelic_rpm
  sequel
  sinatra
  unicorn

BUNDLED WITH
   1.11.2
