GEM
  remote: https://rubygems.org/
  specs:
    foreman (0.87.1)
    kgio (2.11.3)
    mustermann (1.1.1)
      ruby2_keywords (~> 0.0.1)
    mysql2 (0.5.3)
    rack (2.2.3)
    rack-protection (2.2.0)
      rack
    raindrops (0.19.1)
    ruby2_keywords (0.0.5)
    sequel (5.31.0)
    sinatra (2.2.0)
      mustermann (~> 1.0)
      rack (~> 2.2)
      rack-protection (= 2.2.0)
      tilt (~> 2.0)
    tilt (2.0.10)
    unicorn (5.5.4)
      kgio (~> 2.6)
      raindrops (~> 0.7)

PLATFORMS
  ruby

DEPENDENCIES
  foreman
  mysql2
  sequel
  sinatra
  unicorn

RUBY VERSION
   ruby 2.7.1p83

BUNDLED WITH
   2.1.4
